GEM
  remote: https://rubygems.org/
  specs:
    addressable (2.3.5)
    faraday (0.8.7)
      multipart-post (~> 1.1)
    json (1.8.0)
    multipart-post (1.2.0)
    rdf (1.0.7)
      addressable (>= 2.2)

PLATFORMS
  ruby

DEPENDENCIES
  faraday
  json
  rdf
